GEM
  remote: https://rubygems.org/
  specs:
    coderay (1.1.2)
    equatable (0.5.0)
    method_source (0.9.2)
    necromancer (0.3.0)
    pastel (0.5.3)
      equatable (~> 0.5.0)
      tty-screen (~> 0.4.3)
    pry (0.12.2)
      coderay (~> 1.1.0)
      method_source (~> 0.9.0)
    rake (12.3.2)
    require_all (2.0.0)
    tty-color (0.5.0)
    tty-cursor (0.2.0)
    tty-platform (0.1.0)
    tty-prompt (0.3.0)
      necromancer (~> 0.3.0)
      pastel (~> 0.5.2)
      tty-cursor (~> 0.2.0)
      tty-platform (~> 0.1.0)
      wisper (~> 1.6.1)
    tty-screen (0.4.3)
    tty-table (0.4.0)
      equatable (~> 0.5.0)
      necromancer (~> 0.3.0)
      pastel (~> 0.5.1)
      tty-screen (~> 0.4.0)
      unicode_utils (~> 1.4.0)
      verse (~> 0.4.0)
    unicode_utils (1.4.0)
    verse (0.4.0)
      unicode_utils (~> 1.4.0)
    wisper (1.6.1)

PLATFORMS
  ruby

DEPENDENCIES
  pry
  rake
  require_all
  tty-color
  tty-prompt
  tty-table

BUNDLED WITH
   1.17.2
